GEM
  remote: https://rubygems.org/
  specs:
    device_input (0.3.1.1)
    ffi (1.9.18)
    linux_input (1.0.0)
      ffi (~> 1.9)

PLATFORMS
  ruby

DEPENDENCIES
  device_input (= 0.3.1.1)
  linux_input (= 1.0.0)

BUNDLED WITH
   1.16.1
